REDIRECTS: ON
FRAMEWORK: NET452
NUGET
  remote: https://www.nuget.org/api/v2
    Akka (1.1.2)
      Newtonsoft.Json (>= 9.0.1)
      System.Collections.Immutable (>= 1.1.36)
    Akka.FSharp (1.1.2)
      Akka (>= 1.1.2)
      FsPickler (>= 1.2.21)
      FSPowerPack.Core.Community (>= 3.0)
      FSPowerPack.Linq.Community (>= 3.0)
    FAKE (4.41.1)
    FSharp.Core (4.0.0.1)
    FsPickler (3.1)
    FSPowerPack.Core.Community (3.0)
    FSPowerPack.Linq.Community (3.0)
      FSPowerPack.Core.Community
    Microsoft.ApplicationInsights (2.2.0-beta2) - content: none
    Microsoft.ApplicationInsights.Agent.Intercept (2.0.1) - content: none
    Microsoft.ApplicationInsights.DependencyCollector (2.2.0-beta2) - content: none
      Microsoft.ApplicationInsights (2.2.0-beta2)
      Microsoft.ApplicationInsights.Agent.Intercept (>= 2.0.1)
    Microsoft.ApplicationInsights.PerfCounterCollector (2.2.0-beta2) - content: none
      Microsoft.ApplicationInsights (2.2.0-beta2)
    Microsoft.ApplicationInsights.TraceListener (2.1) - content: none
      Microsoft.ApplicationInsights (>= 2.1)
    Microsoft.ApplicationInsights.WindowsServer (2.2.0-beta2) - content: none
      Microsoft.ApplicationInsights (2.2.0-beta2)
      Microsoft.ApplicationInsights.DependencyCollector (>= 2.2.0-beta2)
      Microsoft.ApplicationInsights.PerfCounterCollector (>= 2.2.0-beta2)
      Microsoft.ApplicationInsights.WindowsServer.TelemetryChannel (2.2.0-beta2)
    Microsoft.ApplicationInsights.WindowsServer.TelemetryChannel (2.2.0-beta2) - content: none
      Microsoft.ApplicationInsights (2.2.0-beta2)
    Newtonsoft.Json (9.0.1)
    Suave (1.1.3)
      FSharp.Core (>= 3.1.2.5)
    Suave.OAuth (0.7.7)
      Suave (>= 1.0)
    System.Collections.Immutable (1.2)
